GEM
  remote: https://rubygems.org/
  specs:
    action_text-trix (2.1.15)
      railties
    actioncable (8.1.0)
      actionpack (= 8.1.0)
      activesupport (= 8.1.0)
      nio4r (~> 2.0)
      websocket-driver (>= 0.6.1)
      zeitwerk (~> 2.6)
    actionmailbox (8.1.0)
      actionpack (= 8.1.0)
      activejob (= 8.1.0)
      activerecord (= 8.1.0)
      activestorage (= 8.1.0)
      activesupport (= 8.1.0)
      mail (>= 2.8.0)
    actionmailer (8.1.0)
      actionpack (= 8.1.0)
      actionview (= 8.1.0)
      activejob (= 8.1.0)
      activesupport (= 8.1.0)
      mail (>= 2.8.0)
      rails-dom-testing (~> 2.2)
    actionpack (8.1.0)
      actionview (= 8.1.0)
      activesupport (= 8.1.0)
      nokogiri (>= 1.8.5)
      rack (>= 2.2.4)
      rack-session (>= 1.0.1)
      rack-test (>= 0.6.3)
      rails-dom-testing (~> 2.2)
      rails-html-sanitizer (~> 1.6)
      useragent (~> 0.16)
    actiontext (8.1.0)
      action_text-trix (~> 2.1.15)
      actionpack (= 8.1.0)
      activerecord (= 8.1.0)
      activestorage (= 8.1.0)
      activesupport (= 8.1.0)
      globalid (>= 0.6.0)
      nokogiri (>= 1.8.5)
    actionview (8.1.0)
      activesupport (= 8.1.0)
      builder (~> 3.1)
      erubi (~> 1.11)
      rails-dom-testing (~> 2.2)
      rails-html-sanitizer (~> 1.6)
    activejob (8.1.0)
      activesupport (= 8.1.0)
      globalid (>= 0.3.6)
    activemodel (8.1.0)
      activesupport (= 8.1.0)
    activerecord (8.1.0)
      activemodel (= 8.1.0)
      activesupport (= 8.1.0)
      timeout (>= 0.4.0)
    activestorage (8.1.0)
      actionpack (= 8.1.0)
      activejob (= 8.1.0)
      activerecord (= 8.1.0)
      activesupport (= 8.1.0)
      marcel (~> 1.0)
    activesupport (8.1.0)
      base64
      bigdecimal
      concurrent-ruby (~> 1.0, >= 1.3.1)
      connection_pool (>= 2.2.5)
      drb
      i18n (>= 1.6, < 2)
      json
      logger (>= 1.4.2)
      minitest (>= 5.1)
      securerandom (>= 0.3)
      tzinfo (~> 2.0, >= 2.0.5)
      uri (>= 0.13.1)
    addressable (2.8.7)
      public_suffix (>= 2.0.2, < 7.0)
    annotate (2.6.5)
      activerecord (>= 2.3.0)
      rake (>= 0.8.7)
    ansi (1.5.0)
    ast (2.4.3)
    awesome_print (1.9.2)
    base64 (0.3.0)
    bcrypt (3.1.20)
    bcrypt_pbkdf (1.1.1)
    bigdecimal (3.3.1)
    binding_of_caller (1.0.1)
      debug_inspector (>= 1.2.0)
    bootsnap (1.18.6)
      msgpack (~> 1.2)
    brakeman (7.1.0)
      racc
    builder (3.3.0)
    bullet (8.1.0)
      activesupport (>= 3.0.0)
      uniform_notifier (~> 1.11)
    bundler-audit (0.9.2)
      bundler (>= 1.2.0, < 3)
      thor (~> 1.0)
    byebug (12.0.0)
    code_analyzer (0.5.5)
      sexp_processor
    codecov (0.2.12)
      json
      simplecov
    coderay (1.1.3)
    concurrent-ruby (1.3.5)
    connection_pool (2.5.4)
    crack (1.0.1)
      bigdecimal
      rexml
    crass (1.0.6)
    database_cleaner-active_record (2.2.2)
      activerecord (>= 5.a)
      database_cleaner-core (~> 2.0)
    database_cleaner-core (2.0.1)
    date (3.4.1)
    debug (1.11.0)
      irb (~> 1.10)
      reline (>= 0.3.8)
    debug_inspector (1.2.0)
    diff-lcs (1.6.2)
    docile (1.4.1)
    dotenv (3.1.8)
    dotenv-rails (3.1.8)
      dotenv (= 3.1.8)
      railties (>= 6.1)
    drb (2.2.3)
    dry-auto_inject (1.1.0)
      dry-core (~> 1.1)
      zeitwerk (~> 2.6)
    dry-configurable (1.3.0)
      dry-core (~> 1.1)
      zeitwerk (~> 2.6)
    dry-core (1.1.0)
      concurrent-ruby (~> 1.0)
      logger
      zeitwerk (~> 2.6)
    ed25519 (1.4.0)
    erb (5.1.1)
    erubi (1.13.1)
    erubis (2.7.0)
    factory_bot (6.5.6)
      activesupport (>= 6.1.0)
    factory_bot_rails (6.5.1)
      factory_bot (~> 6.5)
      railties (>= 6.1.0)
    faker (3.5.2)
      i18n (>= 1.8.11, < 2)
    ffi (1.17.2-aarch64-linux-gnu)
    ffi (1.17.2-aarch64-linux-musl)
    ffi (1.17.2-arm-linux-gnu)
    ffi (1.17.2-arm-linux-musl)
    ffi (1.17.2-arm64-darwin)
    ffi (1.17.2-x86_64-linux-gnu)
    ffi (1.17.2-x86_64-linux-musl)
    foreman (0.90.0)
      thor (~> 1.4)
    globalid (1.3.0)
      activesupport (>= 6.1)
    hashdiff (1.2.1)
    i18n (1.14.7)
      concurrent-ruby (~> 1.0)
    image_processing (1.14.0)
      mini_magick (>= 4.9.5, < 6)
      ruby-vips (>= 2.0.17, < 3)
    io-console (0.8.1)
    irb (1.15.2)
      pp (>= 0.6.0)
      rdoc (>= 4.0.0)
      reline (>= 0.4.2)
    json (2.15.1)
    jwt (3.1.2)
      base64
    kamal (2.8.1)
      activesupport (>= 7.0)
      base64 (~> 0.2)
      bcrypt_pbkdf (~> 1.0)
      concurrent-ruby (~> 1.2)
      dotenv (~> 3.1)
      ed25519 (~> 1.4)
      net-ssh (~> 7.3)
      sshkit (>= 1.23.0, < 2.0)
      thor (~> 1.3)
      zeitwerk (>= 2.6.18, < 3.0)
    language_server-protocol (3.17.0.5)
    lint_roller (1.1.0)
    logger (1.7.0)
    loofah (2.24.1)
      crass (~> 1.0.2)
      nokogiri (>= 1.12.0)
    mail (2.9.0)
      logger
      mini_mime (>= 0.1.1)
      net-imap
      net-pop
      net-smtp
    marcel (1.1.0)
    method_source (1.1.0)
    mini_magick (5.3.1)
      logger
    mini_mime (1.1.5)
    minitest (5.26.0)
    msgpack (1.8.0)
    net-imap (0.5.12)
      date
      net-protocol
    net-pop (0.1.2)
      net-protocol
    net-protocol (0.2.2)
      timeout
    net-scp (4.1.0)
      net-ssh (>= 2.6.5, < 8.0.0)
    net-sftp (4.0.0)
      net-ssh (>= 5.0.0, < 8.0.0)
    net-smtp (0.5.1)
      net-protocol
    net-ssh (7.3.0)
    nio4r (2.7.4)
    nokogiri (1.18.10-aarch64-linux-gnu)
      racc (~> 1.4)
    nokogiri (1.18.10-aarch64-linux-musl)
      racc (~> 1.4)
    nokogiri (1.18.10-arm-linux-gnu)
      racc (~> 1.4)
    nokogiri (1.18.10-arm-linux-musl)
      racc (~> 1.4)
    nokogiri (1.18.10-arm64-darwin)
      racc (~> 1.4)
    nokogiri (1.18.10-x86_64-linux-gnu)
      racc (~> 1.4)
    nokogiri (1.18.10-x86_64-linux-musl)
      racc (~> 1.4)
    ostruct (0.6.3)
    parallel (1.27.0)
    parser (3.3.9.0)
      ast (~> 2.4.1)
      racc
    pg (1.6.2)
    pg (1.6.2-aarch64-linux)
    pg (1.6.2-aarch64-linux-musl)
    pg (1.6.2-arm64-darwin)
    pg (1.6.2-x86_64-linux)
    pg (1.6.2-x86_64-linux-musl)
    pp (0.6.3)
      prettyprint
    prettyprint (0.2.0)
    prism (1.6.0)
    proc_to_ast (0.2.0)
      parser
      rouge
      unparser
    pry (0.15.2)
      coderay (~> 1.1)
      method_source (~> 1.0)
    pry-byebug (3.11.0)
      byebug (~> 12.0)
      pry (>= 0.13, < 0.16)
    pry-rails (0.3.11)
      pry (>= 0.13.0)
    psych (5.2.6)
      date
      stringio
    public_suffix (6.0.2)
    puma (7.1.0)
      nio4r (~> 2.0)
    racc (1.8.1)
    rack (3.2.3)
    rack-session (2.1.1)
      base64 (>= 0.1.0)
      rack (>= 3.0.0)
    rack-test (2.2.0)
      rack (>= 1.3)
    rackup (2.2.1)
      rack (>= 3)
    rails (8.1.0)
      actioncable (= 8.1.0)
      actionmailbox (= 8.1.0)
      actionmailer (= 8.1.0)
      actionpack (= 8.1.0)
      actiontext (= 8.1.0)
      actionview (= 8.1.0)
      activejob (= 8.1.0)
      activemodel (= 8.1.0)
      activerecord (= 8.1.0)
      activestorage (= 8.1.0)
      activesupport (= 8.1.0)
      bundler (>= 1.15.0)
      railties (= 8.1.0)
    rails-controller-testing (1.0.5)
      actionpack (>= 5.0.1.rc1)
      actionview (>= 5.0.1.rc1)
      activesupport (>= 5.0.1.rc1)
    rails-dom-testing (2.3.0)
      activesupport (>= 5.0.0)
      minitest
      nokogiri (>= 1.6)
    rails-html-sanitizer (1.6.2)
      loofah (~> 2.21)
      nokogiri (>= 1.15.7, != 1.16.7, != 1.16.6, != 1.16.5, != 1.16.4, != 1.16.3, != 1.16.2, != 1.16.1, != 1.16.0.rc1, != 1.16.0)
    rails_best_practices (1.23.2)
      activesupport
      code_analyzer (~> 0.5.5)
      erubis
      i18n
      json
      require_all (~> 3.0)
      ruby-progressbar
    railties (8.1.0)
      actionpack (= 8.1.0)
      activesupport (= 8.1.0)
      irb (~> 1.13)
      rackup (>= 1.0.0)
      rake (>= 12.2)
      thor (~> 1.0, >= 1.2.2)
      tsort (>= 0.2)
      zeitwerk (~> 2.6)
    rainbow (3.1.1)
    rake (13.3.0)
    rdoc (6.15.0)
      erb
      psych (>= 4.0.0)
      tsort
    redis (5.4.1)
      redis-client (>= 0.22.0)
    redis-client (0.26.1)
      connection_pool
    reek (1.3.7)
      rainbow
      ruby2ruby (~> 2.0.8)
      ruby_parser (~> 3.3)
      sexp_processor
    regexp_parser (2.11.3)
    reline (0.6.2)
      io-console (~> 0.5)
    require_all (3.0.0)
    rexml (3.4.4)
    rouge (4.6.1)
    rspec (3.13.2)
      rspec-core (~> 3.13.0)
      rspec-expectations (~> 3.13.0)
      rspec-mocks (~> 3.13.0)
    rspec-core (3.13.6)
      rspec-support (~> 3.13.0)
    rspec-expectations (3.13.5)
      diff-lcs (>= 1.2.0, < 2.0)
      rspec-support (~> 3.13.0)
    rspec-mocks (3.13.6)
      diff-lcs (>= 1.2.0, < 2.0)
      rspec-support (~> 3.13.0)
    rspec-parameterized (2.0.0)
      rspec-parameterized-core (>= 2, < 3)
      rspec-parameterized-table_syntax (>= 2, < 3)
    rspec-parameterized-core (2.0.0)
      parser
      prism
      proc_to_ast (>= 0.2.0)
      rspec (>= 2.13, < 4)
      unparser
    rspec-parameterized-table_syntax (2.0.0)
      binding_of_caller
      rspec-parameterized-core (>= 2, < 3)
    rspec-rails (8.0.2)
      actionpack (>= 7.2)
      activesupport (>= 7.2)
      railties (>= 7.2)
      rspec-core (~> 3.13)
      rspec-expectations (~> 3.13)
      rspec-mocks (~> 3.13)
      rspec-support (~> 3.13)
    rspec-support (3.13.6)
    rubocop (1.81.6)
      json (~> 2.3)
      language_server-protocol (~> 3.17.0.2)
      lint_roller (~> 1.1.0)
      parallel (~> 1.10)
      parser (>= 3.3.0.2)
      rainbow (>= 2.2.2, < 4.0)
      regexp_parser (>= 2.9.3, < 3.0)
      rubocop-ast (>= 1.47.1, < 2.0)
      ruby-progressbar (~> 1.7)
      unicode-display_width (>= 2.4.0, < 4.0)
    rubocop-ast (1.47.1)
      parser (>= 3.3.7.2)
      prism (~> 1.4)
    rubocop-performance (1.26.1)
      lint_roller (~> 1.1)
      rubocop (>= 1.75.0, < 2.0)
      rubocop-ast (>= 1.47.1, < 2.0)
    rubocop-rails (2.33.4)
      activesupport (>= 4.2.0)
      lint_roller (~> 1.1)
      rack (>= 1.1)
      rubocop (>= 1.75.0, < 2.0)
      rubocop-ast (>= 1.44.0, < 2.0)
    rubocop-rails-omakase (1.1.0)
      rubocop (>= 1.72)
      rubocop-performance (>= 1.24)
      rubocop-rails (>= 2.30)
    rubocop-rspec (3.7.0)
      lint_roller (~> 1.1)
      rubocop (~> 1.72, >= 1.72.1)
    rubocop-thread_safety (0.7.3)
      lint_roller (~> 1.1)
      rubocop (~> 1.72, >= 1.72.1)
      rubocop-ast (>= 1.44.0, < 2.0)
    ruby-prof (1.7.2)
      base64
    ruby-progressbar (1.13.0)
    ruby-vips (2.2.5)
      ffi (~> 1.12)
      logger
    ruby2ruby (2.0.8)
      ruby_parser (~> 3.1)
      sexp_processor (~> 4.0)
    ruby_parser (3.21.1)
      racc (~> 1.5)
      sexp_processor (~> 4.16)
    securerandom (0.4.1)
    sexp_processor (4.17.4)
    shoulda-matchers (6.5.0)
      activesupport (>= 5.2.0)
    sidekiq (8.0.8)
      connection_pool (>= 2.5.0)
      json (>= 2.9.0)
      logger (>= 1.6.2)
      rack (>= 3.1.0)
      redis-client (>= 0.23.2)
    simplecov (0.22.0)
      docile (~> 1.1)
      simplecov-html (~> 0.11)
      simplecov_json_formatter (~> 0.1)
    simplecov-cobertura (3.1.0)
      rexml
      simplecov (~> 0.19)
    simplecov-console (0.9.4)
      ansi
      simplecov
      terminal-table
    simplecov-html (0.13.2)
    simplecov_json_formatter (0.1.4)
    sshkit (1.24.0)
      base64
      logger
      net-scp (>= 1.1.2)
      net-sftp (>= 2.1.2)
      net-ssh (>= 2.8.0)
      ostruct
    stackprof (0.2.27)
    stringio (3.1.7)
    strong_migrations (2.5.1)
      activerecord (>= 7.1)
    terminal-table (4.0.0)
      unicode-display_width (>= 1.1.1, < 4)
    test-prof (1.4.4)
    thor (1.4.0)
    thruster (0.1.16)
    thruster (0.1.16-aarch64-linux)
    thruster (0.1.16-arm64-darwin)
    thruster (0.1.16-x86_64-linux)
    timecop (0.9.10)
    timeout (0.4.3)
    tsort (0.2.0)
    tzinfo (2.0.6)
      concurrent-ruby (~> 1.0)
    unicode-display_width (3.2.0)
      unicode-emoji (~> 4.1)
    unicode-emoji (4.1.0)
    uniform_notifier (1.18.0)
    unparser (0.8.0)
      diff-lcs (~> 1.6)
      parser (>= 3.3.0)
      prism (>= 1.4)
    uri (1.0.4)
    useragent (0.16.11)
    vcr (6.3.1)
      base64
    warden (1.2.9)
      rack (>= 2.0.9)
    warden-jwt_auth (0.12.0)
      dry-auto_inject (>= 0.8, < 2)
      dry-configurable (>= 0.13, < 2)
      jwt (>= 2.1, < 4)
      warden (~> 1.2)
    webmock (3.25.2)
      addressable (>= 2.8.0)
      crack (>= 0.3.2)
      hashdiff (>= 0.4.0, < 2.0.0)
    websocket-driver (0.8.0)
      base64
      websocket-extensions (>= 0.1.0)
    websocket-extensions (0.1.5)
    zeitwerk (2.7.3)

PLATFORMS
  aarch64-linux
  aarch64-linux-gnu
  aarch64-linux-musl
  arm-linux-gnu
  arm-linux-musl
  arm64-darwin-25
  x86_64-linux
  x86_64-linux-gnu
  x86_64-linux-musl

DEPENDENCIES
  annotate
  awesome_print
  bcrypt (~> 3.1.7)
  binding_of_caller
  bootsnap
  brakeman
  bullet
  bundler-audit
  codecov
  database_cleaner-active_record
  debug
  dotenv-rails
  factory_bot_rails
  faker
  foreman
  image_processing (~> 1.2)
  kamal
  pg (~> 1.1)
  pry-byebug
  pry-rails
  puma (>= 5.0)
  rails (~> 8.1.0)
  rails-controller-testing
  rails_best_practices
  redis (>= 4.0.1)
  reek
  rspec
  rspec-parameterized
  rspec-rails
  rubocop-performance
  rubocop-rails
  rubocop-rails-omakase
  rubocop-rspec
  rubocop-thread_safety
  ruby-prof
  shoulda-matchers
  sidekiq (~> 8.0)
  simplecov
  simplecov-cobertura
  simplecov-console
  stackprof
  strong_migrations
  test-prof
  thruster
  timecop
  tzinfo-data
  vcr
  warden-jwt_auth (~> 0.12.0)
  webmock

BUNDLED WITH
   2.7.2
